PATH
  remote: .
  specs:
    gemfile_locker (0.1.0)
      thor (~> 0.19)

GEM
  remote: https://rubygems.org/
  specs:
    gem-1 (1.2.3)
      gem-1-1 (~> 1)
      gem-2 (> 2.2.2)
    gem-2 (2.3.4)
    gem-3 (3.1.3.1)
    gem-4 (4.5.6)
    gem-5 (5.4.3)

PLATFORMS
  ruby

DEPENDENCIES
  gem-1
  gem-2 (~> 2.3.0)
  gem-3
  gem-4

BUNDLED WITH
   1.13.6
